PATH
  remote: .
  specs:
    LicenseGen (0.1.0)
      git
      licensee
      thor (~> 1.2)

GEM
  remote: https://rubygems.org/
  specs:
    addressable (2.8.0)
      public_suffix (>= 2.0.2, < 5.0)
    ast (2.4.2)
    dotenv (2.7.6)
    faraday (2.3.0)
      faraday-net_http (~> 2.0)
      ruby2_keywords (>= 0.0.4)
    faraday-net_http (2.0.3)
    git (1.11.0)
      rchardet (~> 1.8)
    licensee (9.15.2)
      dotenv (~> 2.0)
      octokit (~> 4.20)
      reverse_markdown (~> 1.0)
      rugged (>= 0.24, < 2.0)
      thor (>= 0.19, < 2.0)
    minitest (5.15.0)
    nokogiri (1.13.6-x86_64-linux)
      racc (~> 1.4)
    octokit (4.23.0)
      faraday (>= 1, < 3)
      sawyer (~> 0.9)
    parallel (1.22.1)
    parser (3.1.2.0)
      ast (~> 2.4.1)
    public_suffix (4.0.7)
    racc (1.6.0)
    rainbow (3.1.1)
    rake (13.0.6)
    rchardet (1.8.0)
    regexp_parser (2.4.0)
    reverse_markdown (1.4.0)
      nokogiri
    rexml (3.2.5)
    rubocop (1.30.0)
      parallel (~> 1.10)
      parser (>= 3.1.0.0)
      rainbow (>= 2.2.2, < 4.0)
      regexp_parser (>= 1.8, < 3.0)
      rexml (>= 3.2.5, < 4.0)
      rubocop-ast (>= 1.18.0, < 2.0)
      ruby-progressbar (~> 1.7)
      unicode-display_width (>= 1.4.0, < 3.0)
    rubocop-ast (1.18.0)
      parser (>= 3.1.1.0)
    ruby-progressbar (1.11.0)
    ruby2_keywords (0.0.5)
    rugged (1.4.3)
    sawyer (0.9.1)
      addressable (>= 2.3.5)
      faraday (>= 0.17.3, < 3)
    thor (1.2.1)
    unicode-display_width (2.1.0)

PLATFORMS
  x86_64-linux

DEPENDENCIES
  LicenseGen!
  minitest (~> 5.0)
  rake (~> 13.0)
  rubocop (~> 1.21)

BUNDLED WITH
   2.3.14
